PATH
  remote: ~/Workdesk/thereader/greader
  specs:
    greader (0.0.0)
      nokogiri
      rest-client (~> 1.6)

GEM
  remote: http://rubygems.org/
  specs:
    coffee-script (2.2.0)
      coffee-script-source
      execjs
    coffee-script-source (1.0.1)
    execjs (0.1.0)
    ffaker (1.4.0)
    haml (3.0.25)
    jsmin (1.0.1)
    maruku (0.6.0)
      syntax (>= 1.0.0)
    mime-types (1.16)
    nokogiri (1.4.4)
    rack (1.2.2)
    rest-client (1.6.1)
      mime-types (>= 1.16)
    sinatra (1.2.0)
      rack (~> 1.1)
      tilt (>= 1.2.2, < 2.0)
    sinatra-content-for (0.2)
      sinatra
    syntax (1.0.0)
    tilt (1.2.2)

PLATFORMS
  ruby

DEPENDENCIES
  coffee-script
  ffaker
  greader!
  haml (>= 3.0)
  jsmin
  maruku
  nokogiri
  rest-client
  sinatra
  sinatra-content-for
