PATH
  remote: ~/Workdesk/thereader/greader
  specs:
    greader (0.0.0)
      nokogiri
      rest-client (~> 1.6)

GEM
  remote: http://rubygems.org/
  specs:
    addressable (2.2.4)
    coffee-script (2.2.0)
      coffee-script-source
      execjs
    coffee-script-source (1.0.1)
    execjs (0.1.0)
    faraday (0.5.7)
      addressable (~> 2.2.4)
      multipart-post (~> 1.1.0)
      rack (>= 1.1.0, < 2)
    ffaker (1.4.0)
    haml (3.0.25)
    jsmin (1.0.1)
    maruku (0.6.0)
      syntax (>= 1.0.0)
    mime-types (1.16)
    multi_json (0.0.5)
    multipart-post (1.1.0)
    net-ldap (0.1.1)
    nokogiri (1.4.4)
    oa-basic (0.2.0)
      multi_json (~> 0.0.2)
      nokogiri (~> 1.4.2)
      oa-core (= 0.2.0)
      rest-client (~> 1.6.0)
    oa-core (0.2.0)
      rack (~> 1.1)
    oa-enterprise (0.2.0)
      net-ldap (~> 0.1.1)
      nokogiri (~> 1.4.2)
      oa-core (= 0.2.0)
      pyu-ruby-sasl (~> 0.0.3.1)
      rubyntlm (~> 0.1.1)
    oa-more (0.2.0)
      multi_json (~> 0.0.2)
      oa-core (= 0.2.0)
      rest-client (~> 1.6.0)
    oa-oauth (0.2.0)
      multi_json (~> 0.0.2)
      nokogiri (~> 1.4.2)
      oa-core (= 0.2.0)
      oauth (~> 0.4.0)
      oauth2 (~> 0.1.1)
    oa-openid (0.2.0)
      oa-core (= 0.2.0)
      rack-openid (~> 1.2.0)
      ruby-openid-apps-discovery
    oauth (0.4.4)
    oauth2 (0.1.1)
      faraday (~> 0.5.0)
      multi_json (~> 0.0.4)
    omniauth (0.2.0)
      oa-basic (= 0.2.0)
      oa-core (= 0.2.0)
      oa-enterprise (= 0.2.0)
      oa-more (= 0.2.0)
      oa-oauth (= 0.2.0)
      oa-openid (= 0.2.0)
    pyu-ruby-sasl (0.0.3.2)
    rack (1.2.2)
    rack-openid (1.2.0)
      rack (>= 1.1.0)
      ruby-openid (>= 2.1.8)
    rest-client (1.6.1)
      mime-types (>= 1.16)
    ruby-openid (2.1.8)
    ruby-openid-apps-discovery (1.2.0)
      ruby-openid (>= 2.1.7)
    rubyntlm (0.1.1)
    sinatra (1.2.0)
      rack (~> 1.1)
      tilt (>= 1.2.2, < 2.0)
    sinatra-content-for (0.2)
      sinatra
    syntax (1.0.0)
    tilt (1.2.2)

PLATFORMS
  ruby

DEPENDENCIES
  coffee-script
  ffaker
  greader!
  haml (>= 3.0)
  jsmin
  maruku
  nokogiri
  omniauth
  rest-client
  sinatra
  sinatra-content-for
