GEM
  remote: http://rubygems.org/
  specs:
    ffaker (1.4.0)
    haml (3.0.25)
    jsmin (1.0.1)
    maruku (0.6.0)
      syntax (>= 1.0.0)
    mime-types (1.16)
    nokogiri (1.4.4)
    rack (1.2.2)
    rest-client (1.6.1)
      mime-types (>= 1.16)
    sinatra (1.2.0)
      rack (~> 1.1)
      tilt (>= 1.2.2, < 2.0)
    sinatra-content-for (0.2)
      sinatra
    syntax (1.0.0)
    tilt (1.2.2)

PLATFORMS
  ruby

DEPENDENCIES
  ffaker
  haml (>= 3.0)
  jsmin
  maruku
  nokogiri
  rest-client
  sinatra
  sinatra-content-for
